GEM
  remote: https://rubygems.org/
  specs:
    gosu (1.4.3)
    require_all (3.0.0)

PLATFORMS
  x86_64-darwin-20

DEPENDENCIES
  gosu (~> 1.4, >= 1.4.3)
  require_all

BUNDLED WITH
   2.3.11
